GIT
  remote: https://github.com/Sasha1-0-0-9/content_to_html
  revision: aafb03c996c92062b11b5170dc8293e4d6b31832
  branch: master
  specs:
    content_to_html (0.0.8)

GEM
  specs:

PLATFORMS
  ruby

DEPENDENCIES
  content_to_html (~> 0.0.8)!

BUNDLED WITH
   2.1.4
